

GROUP Build
FRAMEWORK: NET461
NUGET
  remote: https://www.nuget.org/api/v2
    Cake (0.16.1)
    Cake.Core (0.16.1)
    Cake.Figlet (0.3.1)
      Cake.Core (>= 0.14)

GROUP Test
FRAMEWORK: NET461
NUGET
  remote: https://www.nuget.org/api/v2
    NUnit (3.5)
    NUnit.ConsoleRunner (3.4.1)
